PATH
  remote: .
  specs:
    lucid-utils (0.1.1)

GEM
  remote: https://rubygems.org/
  specs:

PLATFORMS
  ruby

DEPENDENCIES
  lucid-utils!

BUNDLED WITH
   2.0.1
