PATH
  remote: .
  specs:
    lucid_utils (0.0.1)

GEM
  remote: https://rubygems.org/
  specs:

PLATFORMS
  ruby

DEPENDENCIES
  lucid_utils!

BUNDLED WITH
   2.0.1
